GEM
  remote: https://rubygems.org/
  specs:
    hpricot (0.8.6)
    parallel (0.6.4)

PLATFORMS
  ruby

DEPENDENCIES
  hpricot (= 0.8.6)
  parallel (= 0.6.4)

BUNDLED WITH
   1.10.5
